GIT
  remote: https://github.com/macournoyer/thin.git
  revision: 0712d603a31d97b9fa8a0260da400da2e4217d60
  specs:
    thin (1.8.1)
      daemons (~> 1.0, >= 1.0.9)
      eventmachine (~> 1.0, >= 1.0.4)
      rack (>= 1, < 3)

GEM
  remote: https://rubygems.org/
  specs:
    coderay (1.1.0)
    daemons (1.4.0)
    eventmachine (1.2.7)
    method_source (0.8.2)
    pry (0.10.3)
      coderay (~> 1.1.0)
      method_source (~> 0.8.1)
      slop (~> 3.4)
    rack (1.6.11)
    rack-protection (1.5.5)
      rack
    rake (10.4.2)
    require_all (1.3.3)
    shotgun (0.9.1)
      rack (>= 1.0)
    sinatra (1.4.6)
      rack (~> 1.4)
      rack-protection (~> 1.4)
      tilt (>= 1.3, < 3)
    slop (3.6.0)
    tilt (2.0.1)

PLATFORMS
  ruby

DEPENDENCIES
  pry
  rake
  require_all
  shotgun
  sinatra
  thin!

BUNDLED WITH
   2.2.16
